GIT
  remote: git://github.com/colszowka/simplecov.git
  revision: 5a645d6eca1e32a26d934997e5790463b95aeb16
  specs:
    simplecov (0.8.2)
      docile (~> 1.1.0)
      multi_json
      simplecov-html (~> 0.8.0)

GIT
  remote: git://github.com/michaeldv/awesome_print.git
  revision: f36e788584801aa528a284693b54faeee4467a6d
  specs:
    awesome_print (1.2.0)

GIT
  remote: git://github.com/pry/pry.git
  revision: 34b25ef03d485d66986c2339c1b771c01514d712
  specs:
    pry (1.0.0.pre.1)
      coderay (>= 1.1.0)
      method_source (~> 0.8)
      slop (~> 3.4)

GIT
  remote: git://github.com/rspec/rspec-core.git
  revision: 6ac37cc966593885ce58afe04abb1e0e31447c11
  specs:
    rspec-core (3.0.0.beta1)
      rspec-support (= 3.0.0.beta1)

GIT
  remote: git://github.com/rspec/rspec-expectations.git
  revision: 9bcf16944af57a91bb99533672d710459208cb27
  specs:
    rspec-expectations (3.0.0.beta1)
      diff-lcs (>= 1.2.0, < 2.0)
      rspec-support (= 3.0.0.beta1)

GIT
  remote: git://github.com/rspec/rspec-mocks.git
  revision: 7aaa623c5412e78448fe90b026c46fa0b47568e7
  specs:
    rspec-mocks (3.0.0.beta1)
      rspec-support (= 3.0.0.beta1)

GIT
  remote: git://github.com/rspec/rspec-support.git
  revision: c76d20840ca78ecd64db92b4aebd99bfd6433240
  specs:
    rspec-support (3.0.0.beta1)

GIT
  remote: git://github.com/rspec/rspec.git
  revision: e058d1c86921f233e9ec07f1b25aba1d4dd0d23c
  specs:
    rspec (3.0.0.beta1)
      rspec-core (= 3.0.0.beta1)
      rspec-expectations (= 3.0.0.beta1)
      rspec-mocks (= 3.0.0.beta1)

GIT
  remote: git://github.com/sunaku/tork.git
  revision: a74bcfdabbd850e13a9f6d9b975322b4d7e3dbf9
  specs:
    tork (19.6.0)
      binman (~> 3.0)
      diff-lcs (~> 1.1)
      json (~> 1.6)
      listen (~> 1.0)

GIT
  remote: git://github.com/thibaudgg/rb-fsevent.git
  revision: 76a9379542bc19efd2c5d954fdf4d62ca87d62e3
  specs:
    rb-fsevent (0.9.4)

GEM
  remote: https://rubygems.org/
  specs:
    binman (3.3.2)
      opener (>= 0.1.0, < 1)
    coderay (1.1.0)
    diff-lcs (1.2.5)
    docile (1.1.2)
    ffi (1.9.3)
    json (1.8.1)
    listen (1.3.1)
      rb-fsevent (>= 0.9.3)
      rb-inotify (>= 0.9)
      rb-kqueue (>= 0.2)
    method_source (0.8.2)
    mini_portile (0.5.2)
    multi_json (1.8.4)
    nokogiri (1.6.1)
      mini_portile (~> 0.5.0)
    opener (0.1.0)
    rb-inotify (0.9.3)
      ffi (>= 0.5.0)
    rb-kqueue (0.2.0)
      ffi (>= 0.5.0)
    simplecov-html (0.8.0)
    slop (3.4.7)

PLATFORMS
  ruby

DEPENDENCIES
  awesome_print!
  nokogiri
  pry!
  rb-fsevent!
  rspec!
  rspec-core!
  rspec-expectations!
  rspec-mocks!
  rspec-support!
  simplecov!
  tork!
